GEM
  remote: https://rubygems.org/
  specs:
    colorize (0.5.8)
    diff-lcs (1.2.5)
    diffy (3.0.1)
    fastly (1.4.2)
    rspec (2.14.1)
      rspec-core (~> 2.14.0)
      rspec-expectations (~> 2.14.0)
      rspec-mocks (~> 2.14.0)
    rspec-core (2.14.8)
    rspec-expectations (2.14.5)
      diff-lcs (>= 1.1.3, < 2.0)
    rspec-mocks (2.14.6)

PLATFORMS
  ruby

DEPENDENCIES
  colorize (= 0.5.8)
  diffy (= 3.0.1)
  fastly (~> 1.4)
  rspec (~> 2.14.1)

BUNDLED WITH
   1.14.5
